GIT
  remote: https://github.com/dsalahutdinov/sniffer
  revision: 2c14c9677442d93c489021460f35f90251fae324
  branch: feature/middleware
  specs:
    sniffer (0.3.2)
      active_attr (>= 0.10.2)
      anyway_config (>= 1.0)

PATH
  remote: /gem
  specs:
    yabeda-http (0.1.0)
      sniffer
      yabeda

GEM
  remote: https://rubygems.org/
  specs:
    actionpack (6.0.2.1)
      actionview (= 6.0.2.1)
      activesupport (= 6.0.2.1)
      rack (~> 2.0, >= 2.0.8)
      rack-test (>= 0.6.3)
      rails-dom-testing (~> 2.0)
      rails-html-sanitizer (~> 1.0, >= 1.2.0)
    actionview (6.0.2.1)
      activesupport (= 6.0.2.1)
      builder (~> 3.1)
      erubi (~> 1.4)
      rails-dom-testing (~> 2.0)
      rails-html-sanitizer (~> 1.1, >= 1.2.0)
    active_attr (0.15.0)
      actionpack (>= 3.0.2, < 6.1)
      activemodel (>= 3.0.2, < 6.1)
      activesupport (>= 3.0.2, < 6.1)
    activemodel (6.0.2.1)
      activesupport (= 6.0.2.1)
    activesupport (6.0.2.1)
      concurrent-ruby (~> 1.0, >= 1.0.2)
      i18n (>= 0.7, < 2)
      minitest (~> 5.1)
      tzinfo (~> 1.1)
      zeitwerk (~> 2.2)
    anyway_config (1.4.4)
    builder (3.2.4)
    byebug (11.1.1)
    concurrent-ruby (1.1.6)
    connection_pool (2.2.2)
    crass (1.0.6)
    dry-initializer (3.0.3)
    erubi (1.9.0)
    faraday (1.0.0)
      multipart-post (>= 1.2, < 3)
    i18n (1.8.2)
      concurrent-ruby (~> 1.0)
    loofah (2.4.0)
      crass (~> 1.0.2)
      nokogiri (>= 1.5.9)
    mini_portile2 (2.4.0)
    minitest (5.14.0)
    multipart-post (2.1.1)
    nio4r (2.5.2)
    nokogiri (1.10.9)
      mini_portile2 (~> 2.4.0)
    prometheus-client (1.0.0)
    puma (4.3.3)
      nio4r (~> 2.0)
    rack (2.2.2)
    rack-protection (2.0.8.1)
      rack
    rack-test (1.1.0)
      rack (>= 1.0, < 3)
    rails-dom-testing (2.0.3)
      activesupport (>= 4.2.0)
      nokogiri (>= 1.6)
    rails-html-sanitizer (1.3.0)
      loofah (~> 2.3)
    redis (4.1.3)
    sidekiq (6.0.5)
      connection_pool (>= 2.2.2)
      rack (~> 2.0)
      rack-protection (>= 2.0.0)
      redis (>= 4.1.0)
    thread_safe (0.3.6)
    tzinfo (1.2.6)
      thread_safe (~> 0.1)
    yabeda (0.5.0)
      concurrent-ruby
      dry-initializer
    yabeda-prometheus (0.5.0)
      prometheus-client (~> 1.0)
      yabeda (~> 0.5)
    zeitwerk (2.3.0)

PLATFORMS
  ruby

DEPENDENCIES
  byebug
  faraday
  prometheus-client
  puma
  rack
  sidekiq
  sniffer!
  yabeda-http!
  yabeda-prometheus

BUNDLED WITH
   2.1.2
